PATH
  remote: .
  specs:
    csv_reader (1.0.0)
      helix_runtime (~> 0.6.1)

GEM
  remote: https://rubygems.org/
  specs:
    diff-lcs (1.3)
    helix_runtime (0.6.1)
      rake (>= 10.0)
      thor (~> 0.19.4)
    rake (12.0.0)
    rspec (3.6.0)
      rspec-core (~> 3.6.0)
      rspec-expectations (~> 3.6.0)
      rspec-mocks (~> 3.6.0)
    rspec-core (3.6.0)
      rspec-support (~> 3.6.0)
    rspec-expectations (3.6.0)
      diff-lcs (>= 1.2.0, < 2.0)
      rspec-support (~> 3.6.0)
    rspec-mocks (3.6.0)
      diff-lcs (>= 1.2.0, < 2.0)
      rspec-support (~> 3.6.0)
    rspec-support (3.6.0)
    thor (0.19.4)

PLATFORMS
  ruby

DEPENDENCIES
  csv_reader!
  rspec (~> 3.6)

BUNDLED WITH
   1.15.0
